GEM
  remote: http://rubygems.org/
  specs:
    activemodel (3.0.0)
      activesupport (= 3.0.0)
      builder (~> 2.1.2)
      i18n (~> 0.4.1)
    activerecord (3.0.0)
      activemodel (= 3.0.0)
      activesupport (= 3.0.0)
      arel (~> 1.0.0)
      tzinfo (~> 0.3.23)
    activesupport (3.0.0)
    alias (0.2.3)
    arel (1.0.1)
      activesupport (~> 3.0.0)
    bond (0.4.1)
    boson (1.2.0)
    boson-more (0.2.1)
      boson (>= 1.1.0)
    builder (2.1.2)
    console_update (0.1.5)
    has_machine_tags (0.2.0)
    hirb (0.6.2)
    i18n (0.4.1)
    pg (0.11.0)
    rack (1.2.1)
    rack-test (0.5.4)
      rack (>= 1.0)
    ripl (0.6.4)
      bond (~> 0.4.0)
    ripl-rack (0.2.0)
      rack (>= 1.0)
      rack-test (>= 0.5)
      ripl (>= 0.3.5)
    ripl-ripper (0.1.0)
      ripl (>= 0.3.3)
    tzinfo (0.3.23)

PLATFORMS
  ruby

DEPENDENCIES
  activerecord
  alias
  boson
  boson-more
  console_update
  has_machine_tags
  hirb
  pg
  ripl
  ripl-rack
  ripl-ripper
