GEM
  remote: http://rubygems.org/
  specs:
    abstract (1.0.0)
    actionmailer (3.0.0)
      actionpack (= 3.0.0)
      mail (~> 2.2.5)
    actionpack (3.0.0)
      activemodel (= 3.0.0)
      activesupport (= 3.0.0)
      builder (~> 2.1.2)
      erubis (~> 2.6.6)
      i18n (~> 0.4.1)
      rack (~> 1.2.1)
      rack-mount (~> 0.6.12)
      rack-test (~> 0.5.4)
      tzinfo (~> 0.3.23)
    activemodel (3.0.0)
      activesupport (= 3.0.0)
      builder (~> 2.1.2)
      i18n (~> 0.4.1)
    activerecord (3.0.0)
      activemodel (= 3.0.0)
      activesupport (= 3.0.0)
      arel (~> 1.0.0)
      tzinfo (~> 0.3.23)
    activeresource (3.0.0)
      activemodel (= 3.0.0)
      activesupport (= 3.0.0)
    activesupport (3.0.0)
    alias (0.2.2)
    arel (1.0.1)
      activesupport (~> 3.0.0)
    bond (0.4.1)
    boson (0.3.3)
      alias (>= 0.2.2)
      hirb (>= 0.3.5)
    builder (2.1.2)
    console_update (0.1.5)
    erubis (2.6.6)
      abstract (>= 1.0.0)
    has_machine_tags (0.1.8)
    hirb (0.4.5)
    i18n (0.4.1)
    mail (2.2.5)
      activesupport (>= 2.3.6)
      mime-types
      treetop (>= 1.4.5)
    mime-types (1.16)
    pg (0.11.0)
    polyglot (0.3.1)
    rack (1.2.1)
    rack-mount (0.6.12)
      rack (>= 1.0.0)
    rack-test (0.5.4)
      rack (>= 1.0)
    rails (3.0.0)
      actionmailer (= 3.0.0)
      actionpack (= 3.0.0)
      activerecord (= 3.0.0)
      activeresource (= 3.0.0)
      activesupport (= 3.0.0)
      bundler (~> 1.0.0)
      railties (= 3.0.0)
    railties (3.0.0)
      actionpack (= 3.0.0)
      activesupport (= 3.0.0)
      rake (>= 0.8.4)
      thor (~> 0.14.0)
    rake (0.8.7)
    ripl (0.4.1)
      bond (~> 0.4.0)
    ripl-rails (0.1.2)
      ripl (>= 0.3.1)
    ripl-ripper (0.1.0)
      ripl (>= 0.3.3)
    thor (0.14.0)
    treetop (1.4.8)
      polyglot (>= 0.3.1)
    tzinfo (0.3.23)

PLATFORMS
  ruby

DEPENDENCIES
  boson
  console_update
  has_machine_tags
  pg
  rails
  ripl
  ripl-rails
  ripl-ripper
